GIT
  remote: https://github.com/teamprogrezz/progrezz-geolocation.git
  revision: f39c454e51bc8439b4526bba29c27e664ca2a3c9
  specs:
    progrezz-geolocation (0.4)

GEM
  remote: https://rubygems.org/
  specs:
    active_attr (0.8.5)
      activemodel (>= 3.0.2, < 5.0)
      activesupport (>= 3.0.2, < 5.0)
    activemodel (4.2.1)
      activesupport (= 4.2.1)
      builder (~> 3.1)
    activesupport (4.2.1)
      i18n (~> 0.7)
      json (~> 1.7, >= 1.7.7)
      minitest (~> 5.1)
      thread_safe (~> 0.3, >= 0.3.4)
      tzinfo (~> 1.1)
    addressable (2.3.8)
    backports (3.6.4)
    builder (3.2.2)
    coderay (1.1.0)
    daemons (1.2.2)
    domain_name (0.5.23)
      unf (>= 0.0.5, < 1.0.0)
    em-websocket (0.3.8)
      addressable (>= 2.1.1)
      eventmachine (>= 0.12.9)
    eventmachine (1.0.7)
    faraday (0.9.1)
      multipart-post (>= 1.2, < 3)
    faraday_middleware (0.9.1)
      faraday (>= 0.7.4, < 0.10)
    geocoder (1.2.8)
    hashie (3.4.1)
    http-cookie (1.0.2)
      domain_name (~> 0.5)
    httparty (0.13.3)
      json (~> 1.8)
      multi_xml (>= 0.5.2)
    httpclient (2.6.0.1)
    i18n (0.7.0)
    json (1.8.2)
    jwt (1.4.1)
    method_source (0.8.2)
    mime-types (2.4.3)
    minitest (5.5.1)
    multi_json (1.11.0)
    multi_xml (0.5.5)
    multipart-post (2.0.0)
    neo4j (4.1.5)
      active_attr (~> 0.8)
      activemodel (~> 4)
      activesupport (~> 4)
      neo4j-core (~> 4.0.0)
      orm_adapter (~> 0.5.0)
    neo4j-core (4.0.7)
      activesupport
      faraday (~> 0.9.0)
      faraday_middleware (~> 0.9.1)
      httparty
      httpclient
      json
      net-http-persistent
      os
      zip
    net-http-persistent (2.9.4)
    netrc (0.10.3)
    oauth (0.4.7)
    oauth2 (1.0.0)
      faraday (>= 0.8, < 0.10)
      jwt (~> 1.0)
      multi_json (~> 1.3)
      multi_xml (~> 0.5)
      rack (~> 1.2)
    oj (2.12.1)
    oj_mimic_json (1.0.1)
    omniauth (1.2.2)
      hashie (>= 1.2, < 4)
      rack (~> 1.0)
    omniauth-github (1.1.2)
      omniauth (~> 1.0)
      omniauth-oauth2 (~> 1.1)
    omniauth-google-oauth2 (0.2.6)
      omniauth (> 1.0)
      omniauth-oauth2 (~> 1.1)
    omniauth-oauth (1.0.1)
      oauth
      omniauth (~> 1.0)
    omniauth-oauth2 (1.2.0)
      faraday (>= 0.8, < 0.10)
      multi_json (~> 1.3)
      oauth2 (~> 1.0)
      omniauth (~> 1.2)
    omniauth-twitter (1.1.0)
      multi_json (~> 1.3)
      omniauth-oauth (~> 1.0)
    orm_adapter (0.5.0)
    os (0.9.6)
    power_assert (0.2.3)
    pry (0.10.1)
      coderay (~> 1.1.0)
      method_source (~> 0.8.1)
      slop (~> 3.4)
    rack (1.6.0)
    rack-protection (1.5.3)
      rack
    rack-test (0.6.3)
      rack (>= 1.0)
    racksh (1.0.0)
      rack (>= 1.0)
      rack-test (>= 0.5)
    rake (10.4.2)
    rest-client (1.8.0)
      http-cookie (>= 1.0.2, < 2.0)
      mime-types (>= 1.16, < 3.0)
      netrc (~> 0.7)
    ruby-prof (0.15.6)
    rufus-scheduler (3.0.9)
      tzinfo
    sinatra (1.4.6)
      rack (~> 1.4)
      rack-protection (~> 1.4)
      tilt (>= 1.3, < 3)
    sinatra-contrib (1.4.2)
      backports (>= 2.0)
      multi_json
      rack-protection
      rack-test
      sinatra (~> 1.4.0)
      tilt (~> 1.3)
    sinatra-jsonp (0.4.4)
      multi_json (~> 1.8)
      sinatra (~> 1.0)
    sinatra-reloader (1.0)
      sinatra-contrib
    sinatra-websocket (0.3.1)
      em-websocket (~> 0.3.6)
      eventmachine
      thin (>= 1.3.1, < 2.0.0)
    slop (3.6.0)
    test-unit (3.0.9)
      power_assert
    thin (1.6.3)
      daemons (~> 1.0, >= 1.0.9)
      eventmachine (~> 1.0)
      rack (~> 1.0)
    thread_safe (0.3.5)
    tilt (1.4.1)
    tzinfo (1.2.2)
      thread_safe (~> 0.1)
    unf (0.1.4)
      unf_ext
    unf_ext (0.0.6)
    yard (0.8.7.6)
    yard-sinatra (1.0.0)
      yard (~> 0.7)
    zip (2.0.2)

PLATFORMS
  ruby

DEPENDENCIES
  geocoder
  neo4j
  oj
  oj_mimic_json
  omniauth
  omniauth-github
  omniauth-google-oauth2
  omniauth-twitter
  progrezz-geolocation!
  pry
  racksh
  rake
  rest-client
  ruby-prof
  rufus-scheduler
  sinatra
  sinatra-jsonp
  sinatra-reloader
  sinatra-websocket
  test-unit
  thin
  yard
  yard-sinatra
